GIT
  remote: https://github.com/larskanis/sqlite3-ruby
  revision: 1027509079176fcc4088dcc7638101cde617cf16
  branch: add-gemspec
  specs:
    sqlite3 (1.3.13.20180326210955)

GEM
  remote: http://rubygems.org/
  specs:
    activemodel (4.2.11.1)
      activesupport (= 4.2.11.1)
      builder (~> 3.1)
    activerecord (4.2.11.1)
      activemodel (= 4.2.11.1)
      activesupport (= 4.2.11.1)
      arel (~> 6.0)
    activesupport (4.2.11.1)
      i18n (~> 0.7)
      minitest (~> 5.1)
      thread_safe (~> 0.3, >= 0.3.4)
      tzinfo (~> 1.1)
    arel (6.0.4)
    bcrypt (3.1.13)
    builder (3.2.4)
    coderay (1.1.2)
    concurrent-ruby (1.1.5)
    faker (2.2.1)
      i18n (>= 0.8)
    google_maps_service (0.4.2)
      hurley (~> 0.1)
      multi_json (~> 1.11)
      retriable (~> 2.0)
    googlestaticmap (1.2.6)
    hurley (0.2)
    i18n (0.9.5)
      concurrent-ruby (~> 1.0)
    method_source (0.9.2)
    minitest (5.13.0)
    multi_json (1.14.1)
    mustermann (1.1.0)
      ruby2_keywords (~> 0.0.1)
    pry (0.12.2)
      coderay (~> 1.1.0)
      method_source (~> 0.9.0)
    rack (2.0.8)
    rack-protection (2.0.7)
      rack
    rake (13.0.1)
    require_all (3.0.0)
    retriable (2.1.0)
    ruby2_keywords (0.0.1)
    sinatra (2.0.7)
      mustermann (~> 1.0)
      rack (~> 2.0)
      rack-protection (= 2.0.7)
      tilt (~> 2.0)
    sinatra-activerecord (2.0.14)
      activerecord (>= 3.2)
      sinatra (>= 1.0)
    sysrandom (1.0.5)
    thread_safe (0.3.6)
    tilt (2.0.10)
    tzinfo (1.2.10)
      thread_safe (~> 0.1)

PLATFORMS
  x64-mingw32
  x86_64-linux

DEPENDENCIES
  activerecord (~> 4.2, >= 4.2.6)
  bcrypt
  faker
  google_maps_service
  googlestaticmap (~> 1.2, >= 1.2.6)
  pry
  rake
  require_all
  sinatra
  sinatra-activerecord
  sqlite3!
  sysrandom

BUNDLED WITH
   2.0.2
